GEM
  remote: https://rubygems.org/
  specs:
    activemodel (3.2.12)
      activesupport (= 3.2.12)
      builder (~> 3.0.0)
    activesupport (3.2.12)
      i18n (~> 0.6)
      multi_json (~> 1.0)
    bson (1.8.2)
    bson_ext (1.8.2)
      bson (~> 1.8.2)
    builder (3.0.4)
    chunky_png (1.2.7)
    coderay (1.0.9)
    compass (0.12.2)
      chunky_png (~> 1.2)
      fssm (>= 0.2.7)
      sass (~> 3.1)
    dalli (2.3.0)
    dragonfly (0.9.14)
      multi_json (~> 1.0)
      rack
    fssm (0.2.10)
    haml (4.0.0)
      tilt
    i18n (0.6.4)
    method_source (0.8.1)
    mongoid (3.0.18)
      activemodel (~> 3.1)
      moped (~> 1.2)
      origin (~> 1.0)
      tzinfo (~> 0.3.22)
    moped (1.3.2)
    multi_json (1.6.1)
    newrelic_rpm (3.4.2.1)
    origin (1.0.11)
    pry (0.9.12)
      coderay (~> 1.0.5)
      method_source (~> 0.8)
      slop (~> 3.4)
    puma (1.6.3)
      rack (~> 1.2)
    rack (1.5.2)
    rack-cache (1.2)
      rack (>= 0.4)
    rack-flash3 (1.0.3)
      rack
    rack-protection (1.5.0)
      rack
    sass (3.2.7)
    shotgun (0.9)
      rack (>= 1.0)
    sinatra (1.4.1)
      rack (~> 1.5, >= 1.5.2)
      rack-protection (~> 1.4)
      tilt (~> 1.3, >= 1.3.4)
    slop (3.4.4)
    tilt (1.3.5)
    tzinfo (0.3.36)
    zurb-foundation (4.0.9)
      sass (>= 3.2.0)

PLATFORMS
  ruby

DEPENDENCIES
  bson_ext
  compass
  dalli
  dragonfly
  haml
  mongoid
  newrelic_rpm
  pry
  puma
  rack-cache
  rack-flash3
  shotgun
  sinatra (~> 1.3)
  zurb-foundation
